GEM
  remote: https://rubygems.org/
  specs:
    httparty (0.20.0)
      mime-types (~> 3.0)
      multi_xml (>= 0.5.2)
    mime-types (3.4.1)
      mime-types-data (~> 3.2015)
    mime-types-data (3.2021.1115)
    multi_xml (0.6.0)

PLATFORMS
  ruby

DEPENDENCIES
  httparty (~> 0.20.0)

BUNDLED WITH
   2.1.4
